PATH
  remote: ..
  specs:
    bogus (0.1.4)
      dependor (>= 0.0.4)

PATH
  remote: ../../dependor
  specs:
    dependor (1.0.0)

GEM
  remote: https://rubygems.org/
  specs:
    diff-lcs (1.2.4)
    rspec (2.14.1)
      rspec-core (~> 2.14.0)
      rspec-expectations (~> 2.14.0)
      rspec-mocks (~> 2.14.0)
    rspec-core (2.14.5)
    rspec-expectations (2.14.1)
      diff-lcs (>= 1.1.3, < 2.0)
    rspec-fire (1.2.0)
      rspec (~> 2.11)
    rspec-mocks (2.14.3)
    ruby-prof (0.13.0)

PLATFORMS
  ruby

DEPENDENCIES
  bogus!
  dependor!
  rspec
  rspec-fire
  ruby-prof
