PATH
  remote: .
  specs:
    bogus (0.0.3)
      dependor (>= 0.0.4)

GEM
  remote: http://rubygems.org/
  specs:
    archive-tar-minitar (0.5.2)
    aruba (0.4.11)
      childprocess (>= 0.2.3)
      cucumber (>= 1.1.1)
      ffi (>= 1.0.11)
      rspec (>= 2.7.0)
    builder (3.0.0)
    childprocess (0.3.2)
      ffi (~> 1.0.6)
    colorize (0.5.8)
    coveralls (0.6.7)
      colorize
      multi_json (~> 1.3)
      rest-client
      simplecov (>= 0.7)
      thor
    cucumber (1.2.1)
      builder (>= 2.1.2)
      diff-lcs (>= 1.1.3)
      gherkin (~> 2.11.0)
      json (>= 1.4.6)
    dependor (0.0.5)
    diff-lcs (1.1.3)
    ffi (1.0.11)
    gherkin (2.11.0)
      json (>= 1.4.6)
    growl (1.0.3)
    guard (1.1.1)
      listen (>= 0.4.2)
      thor (>= 0.14.6)
    guard-ctags-bundler (0.1.6)
      guard (>= 1.1)
    guard-cucumber (1.1.0)
      cucumber (>= 1.2.0)
      guard (>= 1.1.0)
    guard-rspec (1.1.0)
      guard (>= 1.1)
    json (1.7.3)
    libnotify (0.7.4)
      ffi (~> 1.0.11)
    listen (0.4.5)
      rb-fchange (~> 0.0.5)
      rb-fsevent (~> 0.9.1)
      rb-inotify (~> 0.8.8)
    mime-types (1.19)
    multi_json (1.7.3)
    rake (0.9.2.2)
    rb-fchange (0.0.5)
      ffi
    rb-fsevent (0.9.1)
    rb-inotify (0.8.8)
      ffi (>= 0.5.0)
    relish (0.6)
      archive-tar-minitar (>= 0.5.2)
      json (>= 1.4.6)
      rest-client (>= 1.6.1)
    rest-client (1.6.7)
      mime-types (>= 1.16)
    rr (1.0.4)
    rspec (2.10.0)
      rspec-core (~> 2.10.0)
      rspec-expectations (~> 2.10.0)
      rspec-mocks (~> 2.10.0)
    rspec-core (2.10.1)
    rspec-expectations (2.10.0)
      diff-lcs (~> 1.1.3)
    rspec-mocks (2.10.1)
    simplecov (0.7.1)
      multi_json (~> 1.0)
      simplecov-html (~> 0.7.1)
    simplecov-html (0.7.1)
    thor (0.15.3)

PLATFORMS
  ruby

DEPENDENCIES
  aruba
  bogus!
  coveralls
  cucumber
  growl
  guard
  guard-ctags-bundler
  guard-cucumber
  guard-rspec
  libnotify
  rake
  relish
  rr
  rspec
